GEM
  remote: https://rubygems.org/
  specs:
    nio4r (2.5.8)
    puma (5.6.1)
      nio4r (~> 2.0)

PLATFORMS
  x86_64-darwin-19
  x86_64-linux

DEPENDENCIES
  puma

RUBY VERSION
   ruby 3.0.1p64

BUNDLED WITH
   2.2.15
